GEM
  remote: https://rubygems.org/
  specs:
    byebug (11.0.1)
    image_size (1.5.0)
    rake (12.3.1)
    review (2.5.0)
      image_size
      rouge
      rubyzip
    rouge (3.1.1)
    rubyzip (2.2.0)

PLATFORMS
  ruby

DEPENDENCIES
  byebug
  rake
  review (= 2.5.0)

BUNDLED WITH
   1.17.3
